GEM
  remote: https://rubygems.org/
  specs:
    zeitwerk (2.6.0)

PLATFORMS
  aarch64-linux
  ruby

DEPENDENCIES
  tzinfo-data
  zeitwerk (= 2.6.0)

BUNDLED WITH
   2.5.11
